PATH
  remote: .
  specs:
    sprockets-redirect (0.1.0)
      activesupport (>= 3.1.0)
      rack

GEM
  remote: http://rubygems.org/
  specs:
    activesupport (3.1.0)
      multi_json (~> 1.0)
    multi_json (1.0.3)
    rack (1.3.2)

PLATFORMS
  ruby

DEPENDENCIES
  bundler
  sprockets-redirect!
