PATH
  remote: .
  specs:
    sprockets-redirect (0.1.0)
      activesupport (>= 3.1.0)
      rack

GEM
  remote: https://rubygems.org/
  specs:
    activesupport (4.0.0)
      i18n (~> 0.6, >= 0.6.4)
      minitest (~> 4.2)
      multi_json (~> 1.3)
      thread_safe (~> 0.1)
      tzinfo (~> 0.3.37)
    atomic (1.1.12)
    atomic (1.1.12-java)
    i18n (0.6.4)
    minitest (4.7.5)
    multi_json (1.7.8)
    rack (1.5.2)
    rack-test (0.6.2)
      rack (>= 1.0)
    rake (10.1.0)
    thread_safe (0.1.2)
      atomic
    thread_safe (0.1.2-java)
      atomic
    tzinfo (0.3.37)

PLATFORMS
  java
  ruby

DEPENDENCIES
  bundler
  rack-test
  rake
  sprockets-redirect!
