PATH
  remote: .
  specs:
    sprockets-redirect (0.1.0)
      activesupport (>= 3.1.0)
      rack

GEM
  remote: http://rubygems.org/
  specs:
    activesupport (3.1.0)
      multi_json (~> 1.0)
    multi_json (1.0.3)
    rack (1.3.2)
    rack-test (0.6.1)
      rack (>= 1.0)
    rake (0.9.2)

PLATFORMS
  java
  ruby

DEPENDENCIES
  bundler
  rack-test
  rake
  sprockets-redirect!
